PATH
  remote: ../statemachine
  specs:
    statemachine (1.1.1)

GEM
  specs:
    rspec (1.3.1)

PLATFORMS
  ruby

DEPENDENCIES
  rspec
  statemachine!
