GEM
  remote: http://rubygems.org/
  specs:
    MINT-statemachine (1.3.2)
    diff-lcs (1.1.3)
    hoe (2.9.6)
      rake (~> 0.8)
    rake (0.9.2)
    rspec (2.8.0)
      rspec-core (~> 2.8.0)
      rspec-expectations (~> 2.8.0)
      rspec-mocks (~> 2.8.0)
    rspec-core (2.8.0)
    rspec-expectations (2.8.0)
      diff-lcs (~> 1.1.2)
    rspec-mocks (2.8.0)

PLATFORMS
  ruby
  x86-mingw32

DEPENDENCIES
  MINT-statemachine (= 1.3.2)
  hoe (= 2.9.6)
  rake (= 0.9.2)
  rspec (= 2.8.0)
