PATH
  remote: ../statemachine
  specs:
    MINT-statemachine (1.2.3)

GEM
  remote: http://rubygems.org/
  specs:
    hoe (2.9.6)
      rake (~> 0.8)
    rake (0.9.2)
    rspec (1.3.1)

PLATFORMS
  ruby
  x86-mingw32

DEPENDENCIES
  MINT-statemachine!
  hoe (= 2.9.6)
  rake (= 0.9.2)
  rspec (= 1.3.1)
