PATH
  remote: ../statemachine
  specs:
    MINT-statemachine (1.2.2)

GEM
  specs:
    rspec (1.3.1)

PLATFORMS
  ruby
  x86-mingw32

DEPENDENCIES
  MINT-statemachine!
  rspec (= 1.3.1)
