GEM
  remote: http://rubygems.org/
  specs:
    MINT-statemachine (1.5.0)
    diff-lcs (1.1.3)
    hoe (3.6.3)
      rake (>= 0.8, < 11.0)
    rake (10.0.3)
    rspec (2.8.0)
      rspec-core (~> 2.8.0)
      rspec-expectations (~> 2.8.0)
      rspec-mocks (~> 2.8.0)
    rspec-core (2.8.0)
    rspec-expectations (2.8.0)
      diff-lcs (~> 1.1.2)
    rspec-mocks (2.8.0)

PLATFORMS
  ruby
  x86-mingw32

DEPENDENCIES
  MINT-statemachine (= 1.5.0)
  hoe (= 3.6.3)
  rake (= 10.0.3)
  rspec (= 2.8.0)
