GEM
  remote: http://rubygems.org/
  specs:
    MINT-statemachine (1.4.1)
    diff-lcs (1.1.3)
    hoe (3.6.3)
      rake (>= 0.8, < 11.0)
    hoe-gemspec (1.0.0)
      hoe (>= 2.2.0)
    rake (0.9.2)
    rspec (2.8.0)
      rspec-core (~> 2.8.0)
      rspec-expectations (~> 2.8.0)
      rspec-mocks (~> 2.8.0)
    rspec-core (2.8.0)
    rspec-expectations (2.8.0)
      diff-lcs (~> 1.1.2)
    rspec-mocks (2.8.0)

PLATFORMS
  ruby
  x86-mingw32

DEPENDENCIES
  MINT-statemachine (= 1.4.1)
  hoe (= 3.6.3)
  hoe-gemspec
  rake (= 0.9.2)
  rspec (= 2.8.0)
